PATH
  remote: .
  specs:
    pfrpg_skills (0.1.0)

GEM
  remote: https://rubygems.org/
  specs:

PLATFORMS
  ruby

DEPENDENCIES
  pfrpg_skills!
